GEM
  remote: https://rubygems.org/
  specs:
    artii (2.0.4)
    colored (1.2)
    highline (1.6.21)

PLATFORMS
  ruby
  x86-mingw32

DEPENDENCIES
  artii
  colored
  highline
